GIT
  remote: git://github.com/rails/prototype_legacy_helper.git
  revision: a2cd95c3e3c1a4f7a9566efdab5ce59c886cb05f
  specs:
    prototype_legacy_helper (0.0.0)

GIT
  remote: git://github.com/rails/rails.git
  revision: 77403a9b04073713e2b758c22174a81bb3cd62b9
  branch: 3-0-stable
  specs:
    actionmailer (3.0.20)
      actionpack (= 3.0.20)
      mail (~> 2.2.19)
    actionpack (3.0.20)
      activemodel (= 3.0.20)
      activesupport (= 3.0.20)
      builder (~> 2.1.2)
      erubis (~> 2.6.6)
      i18n (~> 0.5.0)
      rack (~> 1.2.5)
      rack-mount (~> 0.6.14)
      rack-test (~> 0.5.7)
      tzinfo (~> 0.3.23)
    activemodel (3.0.20)
      activesupport (= 3.0.20)
      builder (~> 2.1.2)
      i18n (~> 0.5.0)
    activerecord (3.0.20)
      activemodel (= 3.0.20)
      activesupport (= 3.0.20)
      arel (~> 2.0.10)
      tzinfo (~> 0.3.23)
    activeresource (3.0.20)
      activemodel (= 3.0.20)
      activesupport (= 3.0.20)
    activesupport (3.0.20)
    rails (3.0.20)
      actionmailer (= 3.0.20)
      actionpack (= 3.0.20)
      activerecord (= 3.0.20)
      activeresource (= 3.0.20)
      activesupport (= 3.0.20)
      bundler (~> 1.0)
      railties (= 3.0.20)
    railties (3.0.20)
      actionpack (= 3.0.20)
      activesupport (= 3.0.20)
      rake (>= 0.8.7)
      rdoc (~> 3.4)
      thor (~> 0.14.4)

GIT
  remote: git://github.com/thedarkone/rails-dev-boost.git
  revision: d21b297863221d6682a99c0207ac3d219a5e7ba4
  specs:
    rails-dev-boost (0.2.1)
      listen (>= 0.5)
      rails (>= 3.0)

PATH
  remote: vendor/gems/riseuplabs-greencloth-0.1
  specs:
    greencloth (0.1)
      RedCloth (>= 4.2.2)

PATH
  remote: vendor/gems/riseuplabs-uglify_html-0.12
  specs:
    uglify_html (0.12)
      hpricot

PATH
  remote: vendor/gems/riseuplabs-undress-0.2.4
  specs:
    undress (0.2.4)
      hpricot

GEM
  remote: https://rubygems.org/
  specs:
    RedCloth (4.2.9)
    abstract (1.0.0)
    arel (2.0.10)
    builder (2.1.2)
    chronic (0.9.1)
    columnize (0.3.6)
    daemons (1.1.9)
    debugger (1.4.0)
      columnize (>= 0.3.1)
      debugger-linecache (~> 1.1.1)
      debugger-ruby_core_source (~> 1.2.0)
    debugger-linecache (1.1.2)
      debugger-ruby_core_source (>= 1.1.1)
    debugger-ruby_core_source (1.2.0)
    delayed_job (3.0.5)
      activesupport (~> 3.0)
    erubis (2.6.6)
      abstract (>= 1.0.0)
    eventmachine (1.0.1)
    factory_girl (4.2.0)
      activesupport (>= 3.0.0)
    factory_girl_rails (4.2.1)
      factory_girl (~> 4.2.0)
      railties (>= 3.0.0)
    faker (1.0.1)
      i18n (~> 0.4)
    ffi (1.4.0)
    haml (4.0.0)
      tilt
    hike (1.2.1)
    hpricot (0.8.6)
    i18n (0.5.0)
    jsmin (1.0.1)
    json (1.7.7)
    listen (0.7.3)
    mail (2.2.19)
      activesupport (>= 2.3.6)
      i18n (>= 0.4.0)
      mime-types (~> 1.16)
      treetop (~> 1.4.8)
    metaclass (0.0.1)
    mime-types (1.21)
    minitest (2.12.1)
    mocha (0.12.10)
      metaclass (~> 0.0.1)
    multi_json (1.6.1)
    mysql2 (0.2.18)
    polyglot (0.3.3)
    rack (1.2.8)
    rack-mount (0.6.14)
      rack (>= 1.0.0)
    rack-test (0.5.7)
      rack (>= 1.0)
    rails3_before_render (0.2.0)
    rake (0.9.6)
    rb-inotify (0.9.0)
      ffi (>= 0.5.0)
    rdoc (3.12.2)
      json (~> 1.4)
    riddle (1.5.5)
    rubyzip (0.9.9)
    sass (3.2.6)
    sprockets (2.9.0)
      hike (~> 1.2)
      multi_json (~> 1.0)
      rack (~> 1.0)
      tilt (~> 1.1, != 1.3.0)
    thin (1.5.0)
      daemons (>= 1.0.9)
      eventmachine (>= 0.12.6)
      rack (>= 1.0.0)
    thinking-sphinx (2.0.14)
      activerecord (>= 3.0.3)
      builder (>= 2.1.2)
      riddle (>= 1.5.3)
    thor (0.14.6)
    tilt (1.3.4)
    treetop (1.4.12)
      polyglot
      polyglot (>= 0.3.1)
    tzinfo (0.3.37)
    whenever (0.8.2)
      activesupport (>= 2.3.4)
      chronic (>= 0.6.3)
    will_paginate (3.0.4)

PLATFORMS
  ruby

DEPENDENCIES
  RedCloth (~> 4.2)
  debugger
  delayed_job (~> 3.0.5)
  factory_girl_rails
  faker (~> 1.0.0)
  greencloth!
  haml
  hpricot (~> 0.8)
  i18n
  jsmin
  json (~> 1.7.7)
  mime-types
  minitest (~> 2.12)
  mocha (~> 0.12.0)
  mysql2 (~> 0.2.18)
  prototype_legacy_helper (= 0.0.0)!
  rails (~> 3.0.20)!
  rails-dev-boost!
  rails3_before_render
  rake (~> 0.9.2)
  rb-inotify (~> 0.9)
  rdoc (~> 3.0)
  rubyzip
  sass
  sprockets (~> 2.2)
  thin
  thinking-sphinx (~> 2.0)
  uglify_html!
  undress!
  whenever
  will_paginate (~> 3.0)
