GIT
  remote: https://github.com/voxmedia/prototype-rails.git
  revision: e385756cbabb5608d1eab47b6416cdd49613c73b
  ref: e385756cbabb5608d1eab47b6416cdd49613c73b
  specs:
    prototype-rails (4.1.3)
      rails (>= 4.2)

PATH
  remote: vendor/gems/riseuplabs-greencloth-0.1
  specs:
    greencloth (0.1)
      RedCloth (>= 4.2.2)

GEM
  remote: https://rubygems.org/
  specs:
    RedCloth (4.3.2)
    aasm (3.4.0)
    actioncable (5.2.4.2)
      actionpack (= 5.2.4.2)
      nio4r (~> 2.0)
      websocket-driver (>= 0.6.1)
    actionmailer (5.2.4.2)
      actionpack (= 5.2.4.2)
      actionview (= 5.2.4.2)
      activejob (= 5.2.4.2)
      mail (~> 2.5, >= 2.5.4)
      rails-dom-testing (~> 2.0)
    actionpack (5.2.4.2)
      actionview (= 5.2.4.2)
      activesupport (= 5.2.4.2)
      rack (~> 2.0, >= 2.0.8)
      rack-test (>= 0.6.3)
      rails-dom-testing (~> 2.0)
      rails-html-sanitizer (~> 1.0, >= 1.0.2)
    actionpack-page_caching (1.2.1)
      actionpack (>= 5.0.0)
    actionview (5.2.4.2)
      activesupport (= 5.2.4.2)
      builder (~> 3.1)
      erubi (~> 1.4)
      rails-dom-testing (~> 2.0)
      rails-html-sanitizer (~> 1.0, >= 1.0.3)
    activejob (5.2.4.2)
      activesupport (= 5.2.4.2)
      globalid (>= 0.3.6)
    activemodel (5.2.4.2)
      activesupport (= 5.2.4.2)
    activerecord (5.2.4.2)
      activemodel (= 5.2.4.2)
      activesupport (= 5.2.4.2)
      arel (>= 9.0)
    activestorage (5.2.4.2)
      actionpack (= 5.2.4.2)
      activerecord (= 5.2.4.2)
      marcel (~> 0.3.1)
    activesupport (5.2.4.2)
      concurrent-ruby (~> 1.0, >= 1.0.2)
      i18n (>= 0.7, < 2)
      minitest (~> 5.1)
      tzinfo (~> 1.1)
    acts-as-taggable-on (6.0.0)
      activerecord (~> 5.0)
    acts_as_list (0.9.19)
      activerecord (>= 3.0)
    addressable (2.7.0)
      public_suffix (>= 2.0.2, < 5.0)
    arel (9.0.0)
    bcrypt (3.1.13)
    bindex (0.8.1)
    bootsnap (1.4.6)
      msgpack (~> 1.0)
    builder (3.2.4)
    bundler-audit (0.6.1)
      bundler (>= 1.2.0, < 3)
      thor (~> 0.18)
    byebug (11.0.1)
    capybara (3.15.1)
      addressable
      mini_mime (>= 0.1.3)
      nokogiri (~> 1.8)
      rack (>= 1.6.0)
      rack-test (>= 0.6.3)
      regexp_parser (~> 1.2)
      xpath (~> 3.2)
    chronic (0.10.2)
    cliver (0.3.2)
    concurrent-ruby (1.1.6)
    crabgrass_media (0.3.1)
      activesupport (~> 5.0)
      mime-types (~> 3.1)
    crass (1.0.6)
    daemons (1.3.1)
    delayed_job (4.1.8)
      activesupport (>= 3.0, < 6.1)
    delayed_job_active_record (4.1.4)
      activerecord (>= 3.0, < 6.1)
      delayed_job (>= 3.0, < 5)
    docile (1.3.2)
    erubi (1.9.0)
    erubis (2.7.0)
    execjs (2.7.0)
    factory_bot (5.1.2)
      activesupport (>= 4.2.0)
    factory_bot_rails (5.1.1)
      factory_bot (~> 5.1.0)
      railties (>= 4.2.0)
    faker (1.0.1)
      i18n (~> 0.4)
    ffi (1.12.2)
    globalid (0.4.2)
      activesupport (>= 4.2.0)
    gpgme (2.0.20)
      mini_portile2 (~> 2.3)
    haml (5.1.2)
      temple (>= 0.8.0)
      tilt
    haml-rails (1.0.0)
      actionpack (>= 4.0.1)
      activesupport (>= 4.0.1)
      haml (>= 4.0.6, < 6.0)
      html2haml (>= 1.0.1)
      railties (>= 4.0.1)
    html2haml (2.2.0)
      erubis (~> 2.7.0)
      haml (>= 4.0, < 6)
      nokogiri (>= 1.6.0)
      ruby_parser (~> 3.5)
    http_accept_language (2.1.1)
    i18n (0.9.5)
      concurrent-ruby (~> 1.0)
    innertube (1.1.0)
    joiner (0.4.2)
      activerecord (>= 5.2.beta1)
    json (2.3.0)
    libv8 (3.16.14.19)
    loofah (2.5.0)
      crass (~> 1.0.2)
      nokogiri (>= 1.5.9)
    mail (2.7.1)
      mini_mime (>= 0.1.1)
    mail-gpg (0.3.3)
      gpgme (~> 2.0, >= 2.0.2)
      mail (~> 2.5, >= 2.5.3)
    marcel (0.3.3)
      mimemagic (~> 0.3.2)
    method_source (1.0.0)
    middleware (0.1.0)
    mime-types (3.3.1)
      mime-types-data (~> 3.2015)
    mime-types-data (3.2019.1009)
    mimemagic (0.3.10)
      nokogiri (~> 1)
      rake
    mini_mime (1.0.2)
    mini_portile2 (2.8.0)
    minitest (5.10.3)
    msgpack (1.3.3)
    mysql2 (0.5.3)
    nio4r (2.5.2)
    nokogiri (1.13.4)
      mini_portile2 (~> 2.8.0)
      racc (~> 1.4)
    phantomjs-binaries (2.1.1.1)
      sys-uname (= 0.9.0)
    poltergeist (1.18.1)
      capybara (>= 2.1, < 4)
      cliver (~> 0.3.1)
      websocket-driver (>= 0.2.0)
    public_suffix (4.0.4)
    pundit (1.1.0)
      activesupport (>= 3.0.0)
    racc (1.6.0)
    rack (2.2.2)
    rack-test (1.1.0)
      rack (>= 1.0, < 3)
    rails (5.2.4.2)
      actioncable (= 5.2.4.2)
      actionmailer (= 5.2.4.2)
      actionpack (= 5.2.4.2)
      actionview (= 5.2.4.2)
      activejob (= 5.2.4.2)
      activemodel (= 5.2.4.2)
      activerecord (= 5.2.4.2)
      activestorage (= 5.2.4.2)
      activesupport (= 5.2.4.2)
      bundler (>= 1.3.0)
      railties (= 5.2.4.2)
      sprockets-rails (>= 2.0.0)
    rails-controller-testing (1.0.4)
      actionpack (>= 5.0.1.x)
      actionview (>= 5.0.1.x)
      activesupport (>= 5.0.1.x)
    rails-dom-testing (2.0.3)
      activesupport (>= 4.2.0)
      nokogiri (>= 1.6)
    rails-html-sanitizer (1.3.0)
      loofah (~> 2.3)
    railties (5.2.4.2)
      actionpack (= 5.2.4.2)
      activesupport (= 5.2.4.2)
      method_source
      rake (>= 0.8.7)
      thor (>= 0.19.0, < 2.0)
    rake (12.3.3)
    rb-fsevent (0.10.3)
    rb-inotify (0.10.1)
      ffi (~> 1.0)
    rdoc (6.2.0)
    record_tag_helper (1.0.1)
      actionview (>= 5)
    ref (2.0.0)
    regexp_parser (1.7.0)
    riddle (2.4.2)
    ruby_parser (3.14.2)
      sexp_processor (~> 4.9)
    rubyzip (1.3.0)
    sass (3.7.4)
      sass-listen (~> 4.0.0)
    sass-listen (4.0.0)
      rb-fsevent (~> 0.9, >= 0.9.4)
      rb-inotify (~> 0.9, >= 0.9.7)
    sdoc (1.1.0)
      rdoc (>= 5.0)
    secure_headers (5.2.0)
      useragent (>= 0.15.0)
    sexp_processor (4.14.1)
    simplecov (0.17.1)
      docile (~> 1.1)
      json (>= 1.8, < 3)
      simplecov-html (~> 0.10.0)
    simplecov-html (0.10.2)
    spring (2.0.2)
      activesupport (>= 4.2)
    sprockets (3.7.2)
      concurrent-ruby (~> 1.0)
      rack (> 1, < 3)
    sprockets-rails (3.2.1)
      actionpack (>= 4.0)
      activesupport (>= 4.0)
      sprockets (>= 3.0.0)
    sqlite3 (1.4.2)
    sys-uname (0.9.0)
      ffi (>= 1.0.0)
    temple (0.8.2)
    therubyracer (0.12.3)
      libv8 (~> 3.16.14.15)
      ref
    thinking-sphinx (3.4.2)
      activerecord (>= 3.1.0)
      builder (>= 2.1.2)
      innertube (>= 1.0.2)
      joiner (>= 0.2.0)
      middleware (>= 0.1.0)
      riddle (>= 2.0.0)
    thor (0.20.3)
    thread_safe (0.3.6)
    tilt (2.0.10)
    ts-delayed-delta (2.1.0)
      activerecord (>= 2.0)
      delayed_job
      thinking-sphinx (>= 1.5.0)
    tzinfo (1.2.7)
      thread_safe (~> 0.1)
    uglifier (4.2.0)
      execjs (>= 0.3.0, < 3)
    useragent (0.16.10)
    utf8-cleaner (1.0.0)
      activesupport
    validates_email_format_of (1.6.3)
      i18n
    web-console (3.7.0)
      actionview (>= 5.0)
      activemodel (>= 5.0)
      bindex (>= 0.4.0)
      railties (>= 5.0)
    websocket-driver (0.7.1)
      websocket-extensions (>= 0.1.0)
    websocket-extensions (0.1.4)
    whenever (1.0.0)
      chronic (>= 0.6.3)
    will_paginate (3.3.0)
    xpath (3.2.0)
      nokogiri (~> 1.8)
    zip-zip (0.3)
      rubyzip (>= 1.0.0)

PLATFORMS
  ruby

DEPENDENCIES
  RedCloth (~> 4.2)
  aasm (~> 3.4)
  actionpack-page_caching
  acts-as-taggable-on (~> 6.0)
  acts_as_list (~> 0.4)
  bcrypt (~> 3.1.7)
  bootsnap (>= 1.1.0)
  bundler-audit
  byebug
  capybara
  crabgrass_media (~> 0.3.1)
  daemons
  delayed_job_active_record (~> 4.0)
  factory_bot_rails
  faker (~> 1.0.0)
  greencloth!
  haml (~> 5.0)
  haml-rails (~> 1.0)
  http_accept_language (~> 2.0)
  i18n (~> 0.7)
  json (~> 2.3)
  mail-gpg (~> 0.3.3)
  mime-types
  minitest (~> 5.10.3)
  mysql2 (~> 0.5.2)
  nokogiri (~> 1.13.4)
  phantomjs-binaries (~> 2.1.1)
  poltergeist (~> 1.5)
  prototype-rails!
  pundit (~> 1.1)
  rails (~> 5.2.4)
  rails-controller-testing
  rake (~> 12.3)
  record_tag_helper (~> 1.0)
  rubyzip (~> 1.3)
  sass
  sdoc
  secure_headers (~> 5.2)
  simplecov
  spring
  sqlite3
  therubyracer
  thinking-sphinx (~> 3.4.2)
  ts-delayed-delta (~> 2.0)
  uglifier (>= 1.3.0)
  utf8-cleaner
  validates_email_format_of (~> 1.6)
  web-console
  whenever
  will_paginate (~> 3.1)
  zip-zip

BUNDLED WITH
   1.17.3
